GEM
  remote: https://rubygems.org/
  specs:
    ast (2.4.0)
    httparty (0.17.0)
      mime-types (~> 3.0)
      multi_xml (>= 0.5.2)
    jaro_winkler (1.5.2)
    metaclass (0.0.4)
    mime-types (3.2.2)
      mime-types-data (~> 3.2015)
    mime-types-data (3.2019.0331)
    minitest (5.11.3)
    mocha (1.8.0)
      metaclass (~> 0.0.1)
    multi_xml (0.6.0)
    mustermann (1.0.3)
    parallel (1.17.0)
    parser (2.6.3.0)
      ast (~> 2.4.0)
    rack (2.0.8)
    rack-protection (2.0.5)
      rack
    rack-test (1.1.0)
      rack (>= 1.0, < 3)
    rainbow (3.0.0)
    rubocop (0.71.0)
      jaro_winkler (~> 1.5.1)
      parallel (~> 1.10)
      parser (>= 2.6)
      rainbow (>= 2.2.2, < 4.0)
      ruby-progressbar (~> 1.7)
      unicode-display_width (>= 1.4.0, < 1.7)
    ruby-progressbar (1.10.1)
    sinatra (2.0.5)
      mustermann (~> 1.0)
      rack (~> 2.0)
      rack-protection (= 2.0.5)
      tilt (~> 2.0)
    tilt (2.0.9)
    unicode-display_width (1.6.0)

PLATFORMS
  ruby

DEPENDENCIES
  httparty
  minitest
  mocha
  rack-test
  rubocop
  sinatra

BUNDLED WITH
   1.16.6
